PATH
  remote: .
  specs:
    mogwai (0.0.1)
      aws-s3

GEM
  remote: https://rubygems.org/
  specs:
    aws-s3 (0.6.3)
      builder
      mime-types
      xml-simple
    builder (3.2.2)
    mime-types (2.0)
    xml-simple (1.1.2)

PLATFORMS
  ruby

DEPENDENCIES
  mogwai!
